GIT
  remote: https://github.com/xmpp4r/xmpp4r
  revision: 962d4739b5f2cdb9fd0587ec044e864a6323a530
  specs:
    xmpp4r (0.5.5)

GEM
  remote: https://rubygems.org/
  specs:
    eventmachine (1.0.3)
    faraday (0.8.8)
      multipart-post (~> 1.2.0)
    faraday_middleware (0.9.0)
      faraday (>= 0.7.4, < 0.9)
    mini_portile (0.5.1)
    mono_logger (1.1.0)
    multi_json (1.8.2)
    multipart-post (1.2.0)
    nokogiri (1.6.0)
      mini_portile (~> 0.5.0)
    rack (1.5.2)
    rack-protection (1.5.1)
      rack
    redis (3.0.5)
    redis-namespace (1.3.1)
      redis (~> 3.0.0)
    resque (1.25.1)
      mono_logger (~> 1.0)
      multi_json (~> 1.0)
      redis-namespace (~> 1.2)
      sinatra (>= 0.9.2)
      vegas (~> 0.1.2)
    sinatra (1.4.4)
      rack (~> 1.4)
      rack-protection (~> 1.4)
      tilt (~> 1.3, >= 1.3.4)
    tilt (1.4.1)
    vegas (0.1.11)
      rack (>= 1.0.0)

PLATFORMS
  ruby

DEPENDENCIES
  eventmachine
  faraday
  faraday_middleware
  nokogiri
  redis
  redis-namespace
  resque
  xmpp4r!
